GEM
  remote: http://rubygems.org/
  specs:
    httparty (0.8.0)
      multi_json
      multi_xml
    multi_json (1.0.3)
    multi_xml (0.4.1)
    nokogiri (1.5.0)
    rack (1.3.3)
    rack-test (0.6.1)
      rack (>= 1.0)
    redis (2.2.2)
    redis-namespace (1.0.3)
      redis (< 3.0.0)
    resque (1.19.0)
      multi_json (~> 1.0)
      redis-namespace (~> 1.0.2)
      sinatra (>= 0.9.2)
      vegas (~> 0.1.2)
    rr (1.0.4)
    ruby-hmac (0.4.0)
    simple_uuid (0.2.0)
    sinatra (1.2.6)
      rack (~> 1.1)
      tilt (< 2.0, >= 1.2.2)
    tilt (1.3.3)
    vegas (0.1.8)
      rack (>= 1.0.0)
    watchr (0.7)

PLATFORMS
  ruby

DEPENDENCIES
  httparty
  nokogiri
  rack-test
  redis
  resque
  rr
  ruby-hmac
  simple_uuid
  sinatra
  watchr
