GEM
  remote: http://rubygems.org/
  specs:
    httparty (0.8.0)
      multi_json
      multi_xml
    libxml-ruby (2.2.2)
    multi_json (1.0.3)
    multi_xml (0.4.1)
    rack (1.3.3)
    ratom (0.6.9)
      libxml-ruby (>= 1.1.2)
    sinatra (1.2.6)
      rack (~> 1.1)
      tilt (< 2.0, >= 1.2.2)
    tilt (1.3.3)

PLATFORMS
  ruby

DEPENDENCIES
  httparty
  ratom
  sinatra
